GEM
  remote: https://rubygems.org/
  specs:
    pg (1.0.0)
    twitch-chat (0.0.1)

PLATFORMS
  ruby

DEPENDENCIES
  pg
  twitch-chat (~> 0.0.1)

BUNDLED WITH
   1.11.2
